PATH
  remote: .
  specs:
    nem_websocket_client (0.1.0)
      stomp_parser (~> 1.0.0)
      websocket-client-simple (~> 0.3.0)

GEM
  remote: https://rubygems.org/
  specs:
    diff-lcs (1.3)
    event_emitter (0.2.6)
    eventmachine (1.2.5)
    eventmachine (1.2.5-x64-mingw32)
    rake (11.3.0)
    rspec (3.7.0)
      rspec-core (~> 3.7.0)
      rspec-expectations (~> 3.7.0)
      rspec-mocks (~> 3.7.0)
    rspec-core (3.7.1)
      rspec-support (~> 3.7.0)
    rspec-expectations (3.7.0)
      diff-lcs (>= 1.2.0, < 2.0)
      rspec-support (~> 3.7.0)
    rspec-mocks (3.7.0)
      diff-lcs (>= 1.2.0, < 2.0)
      rspec-support (~> 3.7.0)
    rspec-support (3.7.1)
    stomp_parser (1.0.0)
    websocket (1.2.5)
    websocket-client-simple (0.3.0)
      event_emitter
      websocket

PLATFORMS
  ruby
  x64-mingw32

DEPENDENCIES
  bundler (~> 1.16)
  eventmachine (~> 1.2.5)
  nem_websocket_client!
  rake (~> 11.0)
  rspec (~> 3.0)

BUNDLED WITH
   1.16.1
